GEM
  remote: https://rubygems.org/
  specs:
    coderay (1.1.2)
    hive_geoip2 (0.1.2)
    kgio (2.11.2)
    method_source (0.9.0)
    pry (0.11.3)
      coderay (~> 1.1.0)
      method_source (~> 0.9.0)
    rack (2.0.4)
    raindrops (0.19.0)
    unicorn (5.4.0)
      kgio (~> 2.6)
      raindrops (~> 0.7)

PLATFORMS
  ruby

DEPENDENCIES
  hive_geoip2
  pry
  rack
  unicorn

BUNDLED WITH
   1.16.1
